GEM
  remote: https://rubygems.org/
  specs:
    excon (0.49.0)
    faraday (0.9.2)
      multipart-post (>= 1.2, < 3)
    faraday_middleware (0.10.0)
      faraday (>= 0.7.4, < 0.10)
    hashie (3.4.3)
    jwt (1.5.1)
    multi_json (1.11.3)
    multi_xml (0.5.5)
    multipart-post (2.0.0)
    oauth2 (1.1.0)
      faraday (>= 0.8, < 0.10)
      jwt (~> 1.0, < 1.5.2)
      multi_json (~> 1.3)
      multi_xml (~> 0.5)
      rack (>= 1.2, < 3)
    popuparchive (1.0.0)
      excon
      faraday
      faraday_middleware
      hashie
      oauth2
      xml-simple
    rack (1.6.4)
    xml-simple (1.1.5)

PLATFORMS
  ruby

DEPENDENCIES
  popuparchive

BUNDLED WITH
   1.11.2
